GEM
  remote: https://rubygems.org/
  specs:
    cli-ui (2.3.1)
    rtesseract (3.1.3)

PLATFORMS
  ruby
  x86_64-darwin-21

DEPENDENCIES
  cli-ui
  rtesseract

BUNDLED WITH
   2.6.6
